GEM
  remote: https://rubygems.org/
  specs:
    brujula (0.2.0)
      inflecto
      mime-types
    inflecto (0.0.2)
    mime-types (3.1)
      mime-types-data (~> 3.2015)
    mime-types-data (3.2016.0521)
    raml-rb (1.2.1)

PLATFORMS
  ruby

DEPENDENCIES
  brujula
  raml-rb

BUNDLED WITH
   1.16.2
